GIT
  remote: git://github.com/mdesantis/subexec.git
  revision: a22d9d56c666f081ac1f9b6bab11e641c9e3274d
  specs:
    subexec (0.2.3)

GEM
  remote: https://rubygems.org/
  specs:
    CFPropertyList (2.2.7)
    actionmailer (4.0.4)
      actionpack (= 4.0.4)
      mail (~> 2.5.4)
    actionpack (4.0.4)
      activesupport (= 4.0.4)
      builder (~> 3.1.0)
      erubis (~> 2.7.0)
      rack (~> 1.5.2)
      rack-test (~> 0.6.2)
    activemodel (4.0.4)
      activesupport (= 4.0.4)
      builder (~> 3.1.0)
    activerecord (4.0.4)
      activemodel (= 4.0.4)
      activerecord-deprecated_finders (~> 1.0.2)
      activesupport (= 4.0.4)
      arel (~> 4.0.0)
    activerecord-deprecated_finders (1.0.3)
    activesupport (4.0.4)
      i18n (~> 0.6, >= 0.6.9)
      minitest (~> 4.2)
      multi_json (~> 1.3)
      thread_safe (~> 0.1)
      tzinfo (~> 0.3.37)
    alias (0.2.3)
    ancestry (2.0.0)
      activerecord (>= 3.0.0)
    arel (4.0.2)
    awesome_print (1.2.0)
    bcrypt (3.1.7)
    binding.repl (1.0.4.1)
    bootstrap-sass (2.2.2.0)
      sass (~> 3.2)
    boson (1.2.4)
    boson-more (0.2.2)
      boson (>= 1.2.0)
    builder (3.1.4)
    carrierwave (0.10.0)
      activemodel (>= 3.2.0)
      activesupport (>= 3.2.0)
      json (>= 1.7)
      mime-types (>= 1.16)
    choice (0.1.6)
    chronic (0.10.2)
    clipboard (1.0.5)
    coderay (1.1.0)
    coffee-rails (4.0.1)
      coffee-script (>= 2.2.0)
      railties (>= 4.0.0, < 5.0)
    coffee-script (2.2.0)
      coffee-script-source
      execjs
    coffee-script-source (1.7.0)
    colorize (0.7.2)
    daemons (1.1.9)
    debugging (1.0.1)
      binding.repl (~> 1)
      paint (~> 0, >= 0.8.7)
    delayed_job (4.0.0)
      activesupport (>= 3.0, < 4.1)
    delayed_job_active_record (4.0.0)
      activerecord (>= 3.0, < 4.1)
      delayed_job (>= 3.0, < 4.1)
    diff-lcs (1.2.5)
    erubis (2.7.0)
    eventmachine (1.0.3)
    every_day_irb (1.6.1)
    exception_notification (4.0.1)
      actionmailer (>= 3.0.4)
      activesupport (>= 3.0.4)
    execjs (2.0.2)
    facter (2.0.1)
      CFPropertyList (~> 2.2.6)
    fancy_irb (0.7.3)
      paint (>= 0.8.1)
      unicode-display_width (>= 0.1.1)
    ffi (1.9.3)
    file-tail (1.0.12)
      tins (~> 0.5)
    g (1.7.2)
    hike (1.2.3)
    hirb (0.7.1)
    i18n (0.6.9)
    interactive_editor (0.0.10)
      spoon (>= 0.0.1)
    irb-benchmark (0.1.2)
    irbtools (1.6.1)
      alias (~> 0.2.3)
      awesome_print (~> 1.2)
      binding.repl (>= 1.0.1)
      boson (~> 1.2.4)
      boson-more (~> 0.2.2)
      clipboard (~> 1.0.5)
      coderay (~> 1.1.0)
      debugging (~> 1.0)
      every_day_irb (>= 1.6.1)
      fancy_irb (>= 0.7.3)
      g (>= 1.7.2)
      hirb (~> 0.7)
      interactive_editor (>= 0.0.10)
      method_locator (>= 0.0.4)
      method_source (>= 0.8.2)
      methodfinder (>= 1.2.5)
      ori (~> 0.1.0)
      os (~> 0.9)
      paint (>= 0.8.7)
      ruby_engine (~> 1.0)
      ruby_info (~> 1.0)
      ruby_version (~> 1.0)
      wirb (>= 1.0.3)
    jquery-fileupload-rails (0.4.1)
      actionpack (>= 3.1)
      railties (>= 3.1)
    jquery-rails (2.1.4)
      railties (>= 3.0, < 5.0)
      thor (>= 0.14, < 2.0)
    json (1.8.1)
    kaminari (0.15.1)
      actionpack (>= 3.0.0)
      activesupport (>= 3.0.0)
    kgio (2.9.2)
    libv8 (3.16.14.3)
    mail (2.5.4)
      mime-types (~> 1.16)
      treetop (~> 1.4.8)
    method_locator (0.0.4)
    method_source (0.8.2)
    methodfinder (2.0.0)
    mime-types (1.25.1)
    mini_magick (3.7.0)
      subexec (~> 0.2.1)
    mini_portile (0.5.3)
    minitest (4.7.5)
    multi_json (1.9.2)
    nokogiri (1.6.1)
      mini_portile (~> 0.5.0)
    oj (2.7.2)
    ori (0.1.0)
    os (0.9.6)
    paint (0.8.7)
    pg (0.17.1)
    polyglot (0.3.4)
    quiet_assets (1.0.2)
      railties (>= 3.1, < 5.0)
    rack (1.5.2)
    rack-maintenance (1.1.0)
      rack (>= 1.0)
    rack-test (0.6.2)
      rack (>= 1.0)
    rails (4.0.4)
      actionmailer (= 4.0.4)
      actionpack (= 4.0.4)
      activerecord (= 4.0.4)
      activesupport (= 4.0.4)
      bundler (>= 1.3.0, < 2.0)
      railties (= 4.0.4)
      sprockets-rails (~> 2.0.0)
    rails-erd (1.1.0)
      activerecord (>= 3.0)
      activesupport (>= 3.0)
      choice (~> 0.1.6)
      ruby-graphviz (~> 1.0.4)
    railties (4.0.4)
      actionpack (= 4.0.4)
      activesupport (= 4.0.4)
      rake (>= 0.8.7)
      thor (>= 0.18.1, < 2.0)
    raindrops (0.13.0)
    rake (10.2.2)
    rdoc (4.1.1)
      json (~> 1.4)
    recursive-open-struct (0.4.5)
    ref (1.0.5)
    rspec-collection_matchers (0.0.3)
      rspec-expectations (>= 2.99.0.beta1)
    rspec-core (3.0.0.beta2)
      rspec-support (= 3.0.0.beta2)
    rspec-expectations (3.0.0.beta2)
      diff-lcs (>= 1.2.0, < 2.0)
      rspec-support (= 3.0.0.beta2)
    rspec-mocks (3.0.0.beta2)
      rspec-support (= 3.0.0.beta2)
    rspec-rails (3.0.0.beta2)
      actionpack (>= 3.0)
      activemodel (>= 3.0)
      activesupport (>= 3.0)
      railties (>= 3.0)
      rspec-collection_matchers
      rspec-core (= 3.0.0.beta2)
      rspec-expectations (= 3.0.0.beta2)
      rspec-mocks (= 3.0.0.beta2)
      rspec-support (= 3.0.0.beta2)
    rspec-support (3.0.0.beta2)
    ruby-graphviz (1.0.9)
    ruby2ruby (2.0.8)
      ruby_parser (~> 3.1)
      sexp_processor (~> 4.0)
    ruby_engine (1.0.1)
    ruby_info (1.0.1)
    ruby_parser (3.5.0)
      sexp_processor (~> 4.1)
    ruby_version (1.0.1)
    rubyzip (1.1.3)
    sass (3.2.19)
    sass-rails (4.0.3)
      railties (>= 4.0.0, < 5.0)
      sass (~> 3.2.0)
      sprockets (~> 2.8, <= 2.11.0)
      sprockets-rails (~> 2.0)
    schema_plus (1.5.0)
      activerecord (>= 3.2)
      valuable
    sdoc (0.4.0)
      json (~> 1.8)
      rdoc (~> 4.0, < 5.0)
    sexp_processor (4.4.3)
    sourcify (0.5.0)
      file-tail (>= 1.0.5)
      ruby2ruby (>= 1.2.5)
      ruby_parser (>= 2.0.5)
      sexp_processor (>= 3.0.5)
    spoon (0.0.4)
      ffi
    sprockets (2.11.0)
      hike (~> 1.2)
      multi_json (~> 1.0)
      rack (~> 1.0)
      tilt (~> 1.1, != 1.3.0)
    sprockets-rails (2.0.1)
      actionpack (>= 3.0)
      activesupport (>= 3.0)
      sprockets (~> 2.8)
    therubyracer (0.12.1)
      libv8 (~> 3.16.14.0)
      ref
    thor (0.19.1)
    threach (0.2.0)
    thread_safe (0.3.3)
    tilt (1.4.1)
    tins (0.13.2)
    tinymce-rails (3.5.9)
      railties (>= 3.1.1)
    tinymce-rails-langs (3.20140129)
      tinymce-rails (~> 3.5, >= 3.5.8.3)
    treetop (1.4.15)
      polyglot
      polyglot (>= 0.3.1)
    tzinfo (0.3.39)
    uglifier (2.5.0)
      execjs (>= 0.3.0)
      json (>= 1.8.0)
    unicode-display_width (0.1.1)
    unicorn (4.8.2)
      kgio (~> 2.6)
      rack
      raindrops (~> 0.7)
    valuable (0.9.8)
    whenever (0.9.2)
      activesupport (>= 2.3.4)
      chronic (>= 0.6.3)
    wirb (1.0.3)
      paint (~> 0.8)

PLATFORMS
  ruby

DEPENDENCIES
  ancestry
  bcrypt (~> 3.1.2)
  bootstrap-sass (~> 2.2.2.0)
  carrierwave
  coffee-rails (~> 4.0.0)
  colorize
  daemons
  delayed_job_active_record
  erubis
  eventmachine
  exception_notification
  facter
  file-tail
  irb-benchmark
  irbtools
  jquery-fileupload-rails
  jquery-rails (~> 2.1.4)
  kaminari
  mini_magick
  nokogiri
  oj
  pg
  quiet_assets
  rack-maintenance
  rails (= 4.0.4)
  rails-erd
  recursive-open-struct
  rspec-rails (~> 3.0.0.beta2)
  ruby_parser
  rubyzip
  sass (~> 3.2.0)
  sass-rails (~> 4.0.2)
  schema_plus
  sdoc
  sourcify
  subexec!
  therubyracer
  threach
  tinymce-rails (~> 3.0)
  tinymce-rails-langs
  uglifier (>= 1.3.0)
  unicorn
  whenever
  win32-dir
